GEM
  remote: https://rubygems.org/
  specs:
    activemodel (5.0.2)
      activesupport (= 5.0.2)
    activerecord (5.0.2)
      activemodel (= 5.0.2)
      activesupport (= 5.0.2)
      arel (~> 7.0)
    activesupport (5.0.2)
      concurrent-ruby (~> 1.0, >= 1.0.2)
      i18n (~> 0.7)
      minitest (~> 5.1)
      tzinfo (~> 1.1)
    arel (7.1.4)
    axiom-types (0.1.1)
      descendants_tracker (~> 0.0.4)
      ice_nine (~> 0.11.0)
      thread_safe (~> 0.3, >= 0.3.1)
    coercible (1.0.0)
      descendants_tracker (~> 0.0.1)
    concurrent-ruby (1.0.5)
    descendants_tracker (0.0.4)
      thread_safe (~> 0.3, >= 0.3.1)
    equalizer (0.0.11)
    faraday (0.11.0)
      multipart-post (>= 1.2, < 3)
    geocoder (1.4.3)
    i18n (0.8.1)
    ice_nine (0.11.2)
    minitest (5.10.1)
    multipart-post (2.0.0)
    pg (0.20.0)
    puma (3.8.2)
    rack (2.0.1)
    rake (12.0.0)
    staccato (0.5.1)
    telegram-bot-ruby (0.7.2)
      faraday
      virtus
    thread_safe (0.3.5)
    timezone (1.2.5)
    tzinfo (1.2.2)
      thread_safe (~> 0.1)
    virtus (1.0.5)
      axiom-types (~> 0.1)
      coercible (~> 1.0)
      descendants_tracker (~> 0.0, >= 0.0.3)
      equalizer (~> 0.0, >= 0.0.9)

PLATFORMS
  ruby

DEPENDENCIES
  activerecord (~> 5.0)
  geocoder (~> 1.3)
  i18n (~> 0.8)
  pg (~> 0.20)
  puma (~> 3.8)
  rack (~> 2.0)
  rake (~> 12.0)
  staccato
  telegram-bot-ruby (~> 0.7)
  timezone (~> 1.2)

RUBY VERSION
   ruby 2.4.0p0

BUNDLED WITH
   1.14.6
